GEM
  remote: https://rubygems.org/
  specs:
    dotenv (0.11.1)
      dotenv-deployment (~> 0.0.2)
    dotenv-deployment (0.0.2)
    em-proxy (0.1.8)
      eventmachine
    eventmachine (1.0.3)
    facter (2.0.2)
    foreman (0.74.0)
      dotenv (~> 0.11.1)
      thor (~> 0.19.1)
    formatador (0.2.5)
    http-parser-lite (0.6.0)
    iniparse (1.3.2)
    invoker (1.2.0)
      dotenv (~> 0.9)
      em-proxy (~> 0.1)
      eventmachine (~> 1.0)
      facter (~> 2.0)
      formatador (~> 0.2)
      http-parser-lite (~> 0.6)
      iniparse (~> 1.1)
      rainbow (~> 2.0)
      rubydns (~> 0.7)
      thor (~> 0.19)
      uuid (~> 2.3)
    macaddr (1.7.1)
      systemu (~> 2.6.2)
    rainbow (2.0.0)
    rubydns (0.8.4)
      eventmachine (~> 1.0.0)
    systemu (2.6.4)
    thor (0.19.1)
    uuid (2.3.7)
      macaddr (~> 1.0)

PLATFORMS
  ruby

DEPENDENCIES
  foreman
  invoker
